PATH
  remote: .
  specs:
    soup (1.0.14)

GEM
  remote: http://rubygems.org/
  specs:
    byebug (11.1.3)
    kintama (0.2)
    rake (13.0.6)

PLATFORMS
  ruby

DEPENDENCIES
  byebug
  kintama (>= 0.1.11)
  rake
  soup!

BUNDLED WITH
   2.3.15
