PATH
  remote: .
  specs:
    soup (1.0.14)

GEM
  remote: http://rubygems.org/
  specs:
    kintama (0.1.11)
    rake (10.1.0)

PLATFORMS
  ruby

DEPENDENCIES
  kintama (>= 0.1.11)
  rake
  soup!

BUNDLED WITH
   1.13.7
